PATH
  remote: .
  specs:
    carrierwave_securefile (0.4.2)
      carrierwave (>= 0.10.0)
      crypt19-rb (= 1.2.1)

GEM
  remote: http://rubygems.org/
  specs:
    activemodel (4.2.0)
      activesupport (= 4.2.0)
      builder (~> 3.1)
    activesupport (4.2.0)
      i18n (~> 0.7)
      json (~> 1.7, >= 1.7.7)
      minitest (~> 5.1)
      thread_safe (~> 0.3, >= 0.3.4)
      tzinfo (~> 1.1)
    builder (3.2.2)
    carrierwave (0.10.0)
      activemodel (>= 3.2.0)
      activesupport (>= 3.2.0)
      json (>= 1.7)
      mime-types (>= 1.16)
    crypt19-rb (1.2.1)
    git (1.2.5)
    i18n (0.7.0)
    jeweler (1.6.4)
      bundler (~> 1.0)
      git (>= 1.2.5)
      rake
    json (1.8.1)
    mime-types (2.4.3)
    minitest (5.5.0)
    rake (0.9.2.2)
    shoulda (2.11.3)
    thread_safe (0.3.4)
    tzinfo (1.2.2)
      thread_safe (~> 0.1)

PLATFORMS
  ruby

DEPENDENCIES
  bundler
  carrierwave_securefile!
  jeweler (~> 1.6.4)
  shoulda
